PATH
  remote: .
  specs:
    team_gradings (0.1.0)
      colorize
      thor

GEM
  remote: https://rubygems.org/
  specs:
    colorize (0.8.1)
    minitest (5.12.2)
    rake (12.3.3)
    thor (0.20.3)

PLATFORMS
  ruby

DEPENDENCIES
  bundler (~> 2.0)
  minitest (~> 5.0)
  rake (~> 12.3.3)
  team_gradings!

BUNDLED WITH
   2.1.4
